GEM
  remote: https://rubygems.org/
  specs:
    activesupport (5.2.0)
      concurrent-ruby (~> 1.0, >= 1.0.2)
      i18n (>= 0.7, < 2)
      minitest (~> 5.1)
      tzinfo (~> 1.1)
    awrence (1.2.0)
    binance-ruby (0.7)
      activesupport (>= 5.1.0)
      awrence (~> 1.0)
      httparty (~> 0.15)
    bitbar (0.1.0)
      activesupport (>= 4)
    coderay (1.1.3)
    coinbase (4.2.2)
    concurrent-ruby (1.0.5)
    httparty (0.18.1)
      mime-types (~> 3.0)
      multi_xml (>= 0.5.2)
    i18n (1.0.1)
      concurrent-ruby (~> 1.0)
    method_source (1.0.0)
    mime-types (3.3.1)
      mime-types-data (~> 3.2015)
    mime-types-data (3.2020.1104)
    minitest (5.11.3)
    multi_xml (0.6.0)
    pry (0.14.0)
      coderay (~> 1.1)
      method_source (~> 1.0)
    thread_safe (0.3.6)
    tzinfo (1.2.5)
      thread_safe (~> 0.1)

PLATFORMS
  ruby

DEPENDENCIES
  binance-ruby (~> 0.7)
  bitbar
  coinbase
  pry

BUNDLED WITH
   2.2.9
